GEM
  remote: http://rubygems.org/
  specs:
    jruby-jars (1.6.3)
    jruby-rack (1.0.9)
    rack (1.3.1)
    rack-test (0.6.0)
      rack (>= 1.0)
    rake (0.8.7)
    rubyzip (0.9.4)
    warbler (1.3.1)
      jruby-jars (>= 1.4.0)
      jruby-rack (>= 1.0.0)
      rake (~> 0.8.7)
      rubyzip (>= 0.9.4)

PLATFORMS
  java
  ruby

DEPENDENCIES
  rack-test
  warbler
