GEM
  remote: http://rubygems.org/
  specs:
    rack (1.3.1)
    rack-test (0.6.0)
      rack (>= 1.0)

PLATFORMS
  ruby

DEPENDENCIES
  rack-test
